GEM
  remote: https://rubygems.org/
  remote: https://rails-assets.org/
  specs:
    auth0 (4.1.0)
      rest-client (~> 1.8.0)
    byebug (9.0.6)
    coderay (1.1.1)
    concurrent-ruby (1.0.4)
    concurrent-ruby-edge (0.3.0)
      concurrent-ruby (= 1.0.4)
    domain_name (0.5.20161129)
      unf (>= 0.0.5, < 1.0.0)
    dotenv (2.2.0)
    hashie (3.5.4)
    http-cookie (1.0.3)
      domain_name (~> 0.5)
    httparty (0.14.0)
      multi_xml (>= 0.5.2)
    jwt (1.5.6)
    maropost_api (0.4.0)
      hashie
      httparty
    method_source (0.8.2)
    mime-types (2.99.3)
    multi_xml (0.6.0)
    naught (1.1.0)
    netrc (0.11.0)
    pry (0.10.4)
      coderay (~> 1.1.0)
      method_source (~> 0.8.1)
      slop (~> 3.4)
    rails-assets-fontawesome (4.3.0)
    rails-assets-tether (1.4.0)
    rest-client (1.8.0)
      http-cookie (>= 1.0.2, < 2.0)
      mime-types (>= 1.16, < 3.0)
      netrc (~> 0.7)
    slop (3.6.0)
    unf (0.1.4)
      unf_ext
    unf_ext (0.0.7.2)

PLATFORMS
  ruby

DEPENDENCIES
  auth0
  byebug
  concurrent-ruby
  concurrent-ruby-edge
  dotenv
  jwt
  maropost_api
  naught
  pry
  rails-assets-fontawesome (~> 4.3.0)!
  rails-assets-tether (>= 1.1.0)!

RUBY VERSION
   ruby 2.3.3p222

BUNDLED WITH
   1.14.5
