GEM
  remote: https://rubygems.org/
  remote: https://rails-assets.org/
  specs:
    activesupport (5.1.4)
      concurrent-ruby (~> 1.0, >= 1.0.2)
      i18n (~> 0.7)
      minitest (~> 5.1)
      tzinfo (~> 1.1)
    addressable (2.5.0)
      public_suffix (~> 2.0, >= 2.0.2)
    auth0 (4.1.0)
      rest-client (~> 1.8.0)
    byebug (9.0.6)
    coderay (1.1.1)
    concurrent-ruby (1.0.4)
    concurrent-ruby-edge (0.3.0)
      concurrent-ruby (= 1.0.4)
    declarative (0.0.9)
    declarative-option (0.1.0)
    domain_name (0.5.20170223)
      unf (>= 0.0.5, < 1.0.0)
    dotenv (2.2.0)
    faraday (0.11.0)
      multipart-post (>= 1.2, < 3)
    g_sheets (0.3.3)
      faraday (~> 0.11.0)
      google-api-client (~> 0.10)
      nori (~> 2.6.0)
    google-api-client (0.10.0)
      addressable (~> 2.3)
      googleauth (~> 0.5)
      httpclient (~> 2.7)
      hurley (~> 0.1)
      memoist (~> 0.11)
      mime-types (>= 1.6)
      representable (~> 3.0)
      retriable (>= 2.0, < 4.0)
    googleauth (0.5.1)
      faraday (~> 0.9)
      jwt (~> 1.4)
      logging (~> 2.0)
      memoist (~> 0.12)
      multi_json (~> 1.11)
      os (~> 0.9)
      signet (~> 0.7)
    hashie (3.5.4)
    http-cookie (1.0.3)
      domain_name (~> 0.5)
    httparty (0.14.0)
      multi_xml (>= 0.5.2)
    httpclient (2.8.3)
    hurley (0.2)
    i18n (0.9.1)
      concurrent-ruby (~> 1.0)
    jwt (1.5.6)
    little-plugger (1.1.4)
    logging (2.1.0)
      little-plugger (~> 1.1)
      multi_json (~> 1.10)
    maropost_api (0.5.0)
      hashie
      httparty
    memoist (0.15.0)
    method_source (0.8.2)
    mime-types (2.99.3)
    minitest (5.11.1)
    multi_json (1.12.1)
    multi_xml (0.6.0)
    multipart-post (2.0.0)
    naught (1.1.0)
    netrc (0.11.0)
    nori (2.6.0)
    os (0.9.6)
    parallel (1.12.1)
    pry (0.10.4)
      coderay (~> 1.1.0)
      method_source (~> 0.8.1)
      slop (~> 3.4)
    public_suffix (2.0.5)
    rails-assets-fontawesome (4.3.0)
    rails-assets-tether (1.4.0)
    representable (3.0.3)
      declarative (< 0.1.0)
      declarative-option (< 0.2.0)
      uber (< 0.2.0)
    rest-client (1.8.0)
      http-cookie (>= 1.0.2, < 2.0)
      mime-types (>= 1.16, < 3.0)
      netrc (~> 0.7)
    retriable (3.0.1)
    signet (0.7.3)
      addressable (~> 2.3)
      faraday (~> 0.9)
      jwt (~> 1.5)
      multi_json (~> 1.10)
    slop (3.6.0)
    thread_safe (0.3.6)
    tzinfo (1.2.4)
      thread_safe (~> 0.1)
    uber (0.1.0)
    unf (0.1.4)
      unf_ext
    unf_ext (0.0.7.2)

PLATFORMS
  ruby

DEPENDENCIES
  activesupport
  auth0
  byebug
  concurrent-ruby
  concurrent-ruby-edge
  dotenv
  g_sheets
  jwt
  maropost_api
  naught
  parallel
  pry
  rails-assets-fontawesome (~> 4.3.0)!
  rails-assets-tether (>= 1.1.0)!

RUBY VERSION
   ruby 2.3.3p222

BUNDLED WITH
   1.16.1
